GEM
  remote: http://rubygems.org/
  specs:
    addressable (2.2.6)
    adsense-info (1.0.4)
      hpricot
      mechanize
    daemons (1.1.0)
    eventmachine (0.12.10)
    heroku (2.8.4)
      launchy (>= 0.3.2)
      rest-client (~> 1.6.1)
      rubyzip
      term-ansicolor (~> 1.0.5)
    hpricot (0.8.4)
    launchy (2.0.5)
      addressable (~> 2.2.6)
    mechanize (1.0.0)
      nokogiri (>= 1.2.1)
    mime-types (1.16)
    nokogiri (1.4.4)
    rack (1.2.1)
    rest-client (1.6.7)
      mime-types (>= 1.16)
    rubyzip (0.9.4)
    shotgun (0.9)
      rack (>= 1.0)
    sinatra (1.2.0)
      rack (~> 1.1)
      tilt (>= 1.2.2, < 2.0)
    term-ansicolor (1.0.6)
    thin (1.2.8)
      daemons (>= 1.0.9)
      eventmachine (>= 0.12.6)
      rack (>= 1.0.0)
    tilt (1.2.2)

PLATFORMS
  ruby

DEPENDENCIES
  adsense-info (>= 1.0.2)
  heroku
  shotgun
  sinatra
  thin
